PATH
  remote: .
  specs:
    active_merchant_ideal (0.1.7)

GEM
  remote: http://rubygems.org/
  specs:
    active_utils (1.0.1)
      activesupport (>= 2.3.11)
      i18n
    activemerchant (1.20.0)
      active_utils (>= 1.0.1)
      activesupport (>= 2.3.11)
      braintree (>= 2.0.0)
      builder (>= 2.0.0)
      i18n
      json (>= 1.5.1)
      money (<= 3.7.1)
    activesupport (3.1.3)
      multi_json (~> 1.0)
    braintree (2.13.1)
      builder (>= 2.0.0)
    builder (3.0.0)
    i18n (0.6.0)
    json (1.6.3)
    metaclass (0.0.1)
    mocha (0.10.0)
      metaclass (~> 0.0.1)
    money (3.7.1)
      i18n (~> 0.4)
    multi_json (1.0.4)
    rake (0.9.2.2)

PLATFORMS
  ruby

DEPENDENCIES
  active_merchant_ideal!
  activemerchant (>= 1.5.1)
  mocha
  rake
